PATH
  remote: .
  specs:
    rack-subdomain (0.3.0)
      rack (>= 1.2.0, <= 2.0.0)

GEM
  remote: https://rubygems.org/
  specs:
    minitest (2.11.4)
    rack (1.4.1)
    rack-test (0.6.1)
      rack (>= 1.0)
    rake (0.9.2.2)
    rspec (0.6.4)

PLATFORMS
  ruby

DEPENDENCIES
  minitest (~> 2.11)
  rack-subdomain!
  rack-test (~> 0.6)
  rake
  rspec
